PATH
  remote: .
  specs:
    rubyntlm (0.2.0)

GEM
  remote: https://rubygems.org/
  specs:
    rake (10.0.3)

PLATFORMS
  ruby

DEPENDENCIES
  bundler (~> 1.3)
  rake
  rubyntlm!
